PATH
  remote: .
  specs:
    data_uri (0.0.3)

GEM
  remote: https://rubygems.org/
  specs:
    minitest (5.2.3)
    rake (13.2.1)

PLATFORMS
  ruby

DEPENDENCIES
  data_uri!
  minitest
  rake (>= 12.3.3)

BUNDLED WITH
   2.1.0
